PATH
  remote: .
  specs:
    khronos (0.1.1)
      activerecord (~> 3.2.8)
      girl_friday (~> 0.10.0)
      json (~> 1.7.5)
      rest-client (~> 1.6.7)
      sinatra (~> 1.3.3)

GEM
  remote: http://rubygems.org/
  specs:
    activemodel (3.2.8)
      activesupport (= 3.2.8)
      builder (~> 3.0.0)
    activerecord (3.2.8)
      activemodel (= 3.2.8)
      activesupport (= 3.2.8)
      arel (~> 3.0.2)
      tzinfo (~> 0.3.29)
    activesupport (3.2.8)
      i18n (~> 0.6)
      multi_json (~> 1.0)
    addressable (2.3.2)
    arel (3.0.2)
    bson (1.6.4)
    bson_ext (1.6.4)
      bson (~> 1.6.4)
    builder (3.0.3)
    chronic (0.7.0)
    connection_pool (0.9.2)
    crack (0.3.1)
    daemons (1.1.9)
    database_cleaner (0.8.0)
    delorean (2.0.0)
      chronic
    diff-lcs (1.1.3)
    eventmachine (1.0.0)
    factory_girl (4.0.0)
      activesupport (>= 3.0.0)
    fakefs (0.4.0)
    girl_friday (0.10.0)
      connection_pool (~> 0.9.0)
    i18n (0.6.1)
    json (1.7.5)
    mime-types (1.19)
    mongo (1.6.4)
      bson (~> 1.6.4)
    mongoid (3.0.6)
      activemodel (~> 3.1)
      moped (~> 1.1)
      origin (~> 1.0)
      tzinfo (~> 0.3.22)
    moped (1.2.1)
    multi_json (1.3.6)
    mysql2 (0.3.11)
    netrc (0.7.7)
    origin (1.0.8)
    pg (0.14.1)
    rack (1.4.1)
    rack-protection (1.2.0)
      rack
    rack-test (0.6.1)
      rack (>= 1.0)
    rest-client (1.6.8)
      mime-types (>= 1.16)
      netrc
    rspec (2.11.0)
      rspec-core (~> 2.11.0)
      rspec-expectations (~> 2.11.0)
      rspec-mocks (~> 2.11.0)
    rspec-core (2.11.1)
    rspec-expectations (2.11.3)
      diff-lcs (~> 1.1.3)
    rspec-mocks (2.11.2)
    simplecov (0.6.4)
      multi_json (~> 1.0)
      simplecov-html (~> 0.5.3)
    simplecov-html (0.5.3)
    sinatra (1.3.3)
      rack (~> 1.3, >= 1.3.6)
      rack-protection (~> 1.2)
      tilt (~> 1.3, >= 1.3.3)
    sqlite3 (1.3.6)
    thin (1.4.1)
      daemons (>= 1.0.9)
      eventmachine (>= 0.12.6)
      rack (>= 1.0.0)
    tilt (1.3.3)
    tzinfo (0.3.33)
    webmock (1.8.10)
      addressable (>= 2.2.7)
      crack (>= 0.1.7)

PLATFORMS
  ruby

DEPENDENCIES
  activesupport (~> 3.2.8)
  bson_ext (~> 1.6.4)
  database_cleaner
  delorean (~> 2.0.0)
  factory_girl (~> 4.0.0)
  fakefs (~> 0.4.0)
  khronos!
  mongo
  mongoid (~> 3.0.5)
  mysql2 (~> 0.3.11)
  pg
  rack-test (~> 0.6.1)
  rspec (~> 2.11.0)
  simplecov (= 0.6.4)
  sqlite3
  thin
  webmock (~> 1.8.9)
